GEM
  remote: https://rubygems.org/
  specs:
    addressable (2.3.6)
    faraday (0.9.0)
      multipart-post (>= 1.2, < 3)
    koala (1.9.0)
      addressable
      faraday
      multi_json
    multi_json (1.9.2)
    multipart-post (2.0.0)
    rufus-scheduler (3.0.7)
      tzinfo
    thread_safe (0.3.3)
    tzinfo (1.1.0)
      thread_safe (~> 0.1)

PLATFORMS
  ruby

DEPENDENCIES
  koala
  rufus-scheduler
